{ 
  "Manufacturer": "SIEMENS", 
  "ManufacturersModelName": "Prisma", 
  "DeviceSerialNumber": "166018", 
  "StationName": "AWP166018", 
  "SoftwareVersions": "syngo MR E11", 
  "ScanningSequence": "GR_IR", 
  "SequenceVariant": "SK_SP_MP", 
  "ScanOptions": "IR", 
  "SequenceName": "*tfl3d1_16ns", 
  "InPlanePhaseEncodingDirection": "ROW", 
  "InstitutionName": "NYU Center for Brain Imaging", 
  "MagneticFieldStrength": 3, 
  "EchoTime": 0.00232, 
  "InversionTime": 0.9, 
  "FlipAngle": 8, 
  "RepetitionTime": 2.3
}
